GEM
  remote: http://rubygems.org/
  specs:
    RedCloth (4.2.7)
    haml (3.0.25)
    r18n-core (0.4.8)
    rack (1.2.2)
    sinatra (1.2.3)
      rack (~> 1.1)
      tilt (>= 1.2.2, < 2.0)
    sinatra-r18n (0.4.8)
      r18n-core (= 0.4.8)
    tilt (1.2.2)

PLATFORMS
  ruby

DEPENDENCIES
  RedCloth
  haml
  sinatra
  sinatra-r18n (= 0.4.8)
