GEM
  remote: http://rubygems.org/
  specs:
    RedCloth (4.2.7)
    haml (3.0.25)
    kgio (2.7.3)
    r18n-core (0.4.8)
    rack (1.2.2)
    raindrops (0.8.0)
    sinatra (1.2.3)
      rack (~> 1.1)
      tilt (>= 1.2.2, < 2.0)
    sinatra-r18n (0.4.8)
      r18n-core (= 0.4.8)
    tilt (1.2.2)
    unicorn (4.2.0)
      kgio (~> 2.6)
      rack
      raindrops (~> 0.7)

PLATFORMS
  ruby

DEPENDENCIES
  RedCloth
  haml
  sinatra
  sinatra-r18n (= 0.4.8)
  unicorn
